PATH
  remote: .
  specs:
    platform-api (0.0.8)
      excon
      moneta
      multi_json (>= 1.9.2)

GEM
  remote: https://rubygems.org/
  specs:
    excon (0.33.0)
    moneta (0.7.20)
    multi_json (1.9.3)
    rake (10.2.2)

PLATFORMS
  ruby

DEPENDENCIES
  bundler (~> 1.3)
  platform-api!
  rake
