PATH
  remote: .
  specs:
    platform-api (0.0.3)
      heroics

GEM
  remote: https://rubygems.org/
  specs:
    excon (0.32.0)
    heroics (0.0.3)
      excon
      moneta
      multi_json
      netrc
    moneta (0.7.20)
    multi_json (1.9.0)
    netrc (0.7.7)
    rake (10.1.1)

PLATFORMS
  ruby

DEPENDENCIES
  bundler (~> 1.3)
  platform-api!
  rake
